GEM
  remote: https://rubygems.org/
  specs:
    ast (2.3.0)
    flog (4.4.0)
      path_expander (~> 1.0)
      ruby_parser (~> 3.1, > 3.1.0)
      sexp_processor (~> 4.4)
    minitest (5.9.1)
    parser (2.3.3.0)
      ast (~> 2.2)
    path_expander (1.0.0)
    powerpack (0.1.1)
    rainbow (2.1.0)
    rdoc (5.0.0)
    rubocop (0.45.0)
      parser (>= 2.3.1.1, < 3.0)
      powerpack (~> 0.1)
      rainbow (>= 1.99.1, < 3.0)
      ruby-progressbar (~> 1.7)
      unicode-display_width (~> 1.0, >= 1.0.1)
    ruby-progressbar (1.8.1)
    ruby_parser (3.8.3)
      sexp_processor (~> 4.1)
    sexp_processor (4.7.0)
    unicode-display_width (1.1.1)

PLATFORMS
  ruby

DEPENDENCIES
  flog!
  minitest!
  rdoc!
  rubocop!

BUNDLED WITH
   1.13.6
